GEM
  remote: https://rubygems.org/
  specs:
    backports (3.3.1)
    dalli (2.6.3)
    eventmachine (1.0.3)
    json (1.8.0)
    memcachier (0.0.2)
    multi_json (1.7.3)
    rack (1.5.2)
    rack-protection (1.5.0)
      rack
    rack-test (0.6.2)
      rack (>= 1.0)
    sinatra (1.4.2)
      rack (~> 1.5, >= 1.5.2)
      rack-protection (~> 1.4)
      tilt (~> 1.3, >= 1.3.4)
    sinatra-contrib (1.4.0)
      backports (>= 2.0)
      eventmachine
      rack-protection
      rack-test
      sinatra (~> 1.4.2)
      tilt (~> 1.3)
    tilt (1.4.1)

PLATFORMS
  ruby

DEPENDENCIES
  dalli
  json
  memcachier
  multi_json
  sinatra
  sinatra-contrib
